GEM
  remote: https://rubygems.org/
  specs:
    guess_html_encoding (0.0.11)
    haml (6.3.0)
      temple (>= 0.8.2)
      thor
      tilt
    json (2.9.1)
    kramdown (2.5.1)
      rexml (>= 3.3.9)
    kramdown-haml (0.0.3)
      haml
    mini_portile2 (2.8.8)
    nokogiri (1.18.1)
      mini_portile2 (~> 2.8.2)
      racc (~> 1.4)
    nokogiri (1.18.1-arm64-darwin)
      racc (~> 1.4)
    racc (1.8.1)
    rexml (3.4.0)
    temple (0.10.3)
    thor (1.3.2)
    tilt (2.4.0)

PLATFORMS
  arm64-darwin-24
  ruby

DEPENDENCIES
  guess_html_encoding
  haml
  json
  kramdown
  kramdown-haml
  nokogiri

BUNDLED WITH
   2.5.23
